{
  "TaskName": "alicelistening",
  "Manufacturer": "Brain Products GmbH",
  "PowerLineFrequency": 60,
  "SamplingFrequency": 500.0,
  "SoftwareFilters": "n/a",
  "RecordingDuration": 730.248,
  "RecordingType": "continuous",
  "EEGReference": "average (offline)",
  "EEGGround": "n/a",
  "EEGPlacementScheme": "easycap-M10",
  "EEGChannelCount": 60,
  "EOGChannelCount": 1,
  "ECGChannelCount": 0,
  "EMGChannelCount": 0,
  "MiscChannelCount": 1,
  "TriggerChannelCount": 0,
  "TaskDescription": "Passive listening to chapter 1 of Alice's Adventures in Wonderland (Lewis Carroll). Continuous naturalistic speech, ~12.4 min.",
  "Instructions": "Listen to the audiobook.",
  "InstitutionName": "University of Michigan",
  "InstitutionAddress": "Ann Arbor, MI, USA",
  "ManufacturersModelName": "actiCHamp",
  "CapManufacturer": "easycap",
  "CapManufacturersModelName": "M10",
  "HardwareFilters": "n/a",
  "SoftwareVersions": "n/a",
  "DeviceSerialNumber": "n/a",
  "CogAtlasID": "n/a",
  "CogPOID": "n/a",
  "MISCChannelCount": 1
}